GEM
  remote: https://rubygems.org/
  specs:
    gosu (0.7.50)
    joystick (0.0.0)

PLATFORMS
  ruby

DEPENDENCIES
  gosu
  joystick
